GIT
  remote: git://github.com/jeremyolliver/annotate_models.git
  revision: 4d57e4fe6360125f17886168120a48091a268e45
  branch: rake_compatibility
  specs:
    annotate (2.4.0)

GIT
  remote: http://github.com/plataformatec/show_for.git
  revision: c4c84411accad86dba56dffa2eab9d4ff8095d45
  specs:
    show_for (0.2.4)

GIT
  remote: https://github.com/Macrow/rails_kindeditor.git
  revision: 66d14df8d45d98507357e78c5cbcbc739e95ee00
  specs:
    rails_kindeditor (0.1.0)
      carrierwave

GIT
  remote: https://github.com/jnicklas/carrierwave.git
  revision: f82d9112c4c29deb13085fa27e9eba686445235c
  specs:
    carrierwave (0.5.7)
      activesupport (~> 3.0)

GIT
  remote: https://github.com/smartinez87/exception_notification.git
  revision: 1c6ff2b75e17c1c73ee645fc2511059e115dc0ea
  specs:
    exception_notification (2.5.2)
      actionmailer (>= 3.0.4)

GEM
  remote: http://rubygems.org/
  specs:
    aasm (2.2.1)
    abstract (1.0.0)
    actionmailer (3.0.9)
      actionpack (= 3.0.9)
      mail (~> 2.2.19)
    actionpack (3.0.9)
      activemodel (= 3.0.9)
      activesupport (= 3.0.9)
      builder (~> 2.1.2)
      erubis (~> 2.6.6)
      i18n (~> 0.5.0)
      rack (~> 1.2.1)
      rack-mount (~> 0.6.14)
      rack-test (~> 0.5.7)
      tzinfo (~> 0.3.23)
    activemodel (3.0.9)
      activesupport (= 3.0.9)
      builder (~> 2.1.2)
      i18n (~> 0.5.0)
    activerecord (3.0.9)
      activemodel (= 3.0.9)
      activesupport (= 3.0.9)
      arel (~> 2.0.10)
      tzinfo (~> 0.3.23)
    activeresource (3.0.9)
      activemodel (= 3.0.9)
      activesupport (= 3.0.9)
    activesupport (3.0.9)
    addressable (2.2.6)
    ancestry (1.2.4)
      activerecord (>= 2.2.2)
    ansi (1.3.0)
    arel (2.0.10)
    bcrypt-ruby (3.0.0)
    builder (2.1.2)
    cancan (1.6.5)
    capybara (1.0.1)
      mime-types (>= 1.16)
      nokogiri (>= 1.3.3)
      rack (>= 1.0.0)
      rack-test (>= 0.5.4)
      selenium-webdriver (~> 2.0)
      xpath (~> 0.1.4)
    childprocess (0.2.2)
      ffi (~> 1.0.6)
    client_side_validations (3.0.12)
    cocaine (0.2.0)
    coderay (0.9.8)
    curb (0.7.15)
    daemons (1.1.4)
    database_cleaner (0.6.7)
    devise (1.4.5)
      bcrypt-ruby (~> 3.0)
      orm_adapter (~> 0.0.3)
      warden (~> 1.0.3)
    diff-lcs (1.1.3)
    easy_roles (1.2.0)
    erubis (2.6.6)
      abstract (>= 1.0.0)
    eventmachine (0.12.10)
    factory_girl (2.1.0)
    factory_girl_rails (1.2.0)
      factory_girl (~> 2.1.0)
      railties (>= 3.0.0)
    factory_seed (0.1.1)
      factory_girl
    ffaker (1.4.0)
    ffi (1.0.9)
    foreman (0.20.0)
      term-ansicolor (~> 1.0.5)
      thor (>= 0.13.6)
    google-spreadsheet-ruby (0.1.5)
      nokogiri (>= 1.4.3.1)
      oauth (>= 0.3.6)
    guard (0.6.3)
      thor (~> 0.14.6)
    guard-rspec (0.4.4)
      guard (>= 0.4.0)
    haml (3.1.3)
    haml-rails (0.3.4)
      actionpack (~> 3.0)
      activesupport (~> 3.0)
      haml (~> 3.0)
      railties (~> 3.0)
    has_scope (0.5.1)
    hz2py (0.0.4)
    i18n (0.5.0)
    inherited_resources (1.2.2)
      has_scope (~> 0.5.0)
      responders (~> 0.6.0)
    jquery-rails (1.0.14)
      railties (~> 3.0)
      thor (~> 0.14)
    json_pure (1.5.4)
      spruz (~> 0.2.8)
    kaminari (0.12.4)
      rails (>= 3.0.0)
    launchy (2.0.5)
      addressable (~> 2.2.6)
    libnotify (0.5.7)
      ffi (= 1.0.9)
    macaddr (1.4.0)
      systemu (~> 2.2.0)
    mail (2.2.19)
      activesupport (>= 2.3.6)
      i18n (>= 0.4.0)
      mime-types (~> 1.16)
      treetop (~> 1.4.8)
    meta_search (1.0.6)
      actionpack (~> 3.0.2)
      activerecord (~> 3.0.2)
      activesupport (~> 3.0.2)
      arel (~> 2.0.2)
    meta_where (1.0.4)
      activerecord (~> 3.0.0)
      activesupport (~> 3.0.0)
      arel (~> 2.0.7)
    method_source (0.6.5)
      ruby_parser (>= 2.0.5)
    mime-types (1.16)
    multi_json (1.0.3)
    nokogiri (1.4.7)
    oauth (0.4.5)
    orm_adapter (0.0.5)
    paperclip (2.3.16)
      activerecord (>= 2.3.0)
      activesupport (>= 2.3.2)
      cocaine (>= 0.0.2)
      mime-types
    pg (0.11.0)
    polyglot (0.3.2)
    pry (0.9.5)
      coderay (>= 0.9.8)
      method_source (>= 0.6.5)
      ruby_parser (>= 2.0.5)
      slop (~> 2.1.0)
    pry-padrino (0.1.2)
      pry (>= 0.8)
    rack (1.2.3)
    rack-mount (0.6.14)
      rack (>= 1.0.0)
    rack-test (0.5.7)
      rack (>= 1.0)
    rails (3.0.9)
      actionmailer (= 3.0.9)
      actionpack (= 3.0.9)
      activerecord (= 3.0.9)
      activeresource (= 3.0.9)
      activesupport (= 3.0.9)
      bundler (~> 1.0)
      railties (= 3.0.9)
    rails_config (0.2.4)
      activesupport (>= 3.0)
    railties (3.0.9)
      actionpack (= 3.0.9)
      activesupport (= 3.0.9)
      rake (>= 0.8.7)
      rdoc (~> 3.4)
      thor (~> 0.14.4)
    rake (0.9.2)
    rdoc (3.9.4)
    redis (2.2.2)
    redis-namespace (1.0.3)
      redis (< 3.0.0)
    redisk (0.2.2)
      redis (>= 0.1.1)
      redis-namespace (>= 0.1.0)
    responders (0.6.4)
    resque (1.18.6)
      multi_json (~> 1.0)
      redis-namespace (~> 1.0.2)
      sinatra (>= 0.9.2)
      vegas (~> 0.1.2)
    resque-scheduler (1.9.9)
      redis (>= 2.0.1)
      resque (>= 1.8.0)
      rufus-scheduler
    resque-status (0.2.4)
      redisk (>= 0.2.1)
      resque (>= 1.3.1)
      uuid (>= 2.0.2)
    resque_mailer (2.0.2)
      actionmailer (>= 3.0.0)
      resque (>= 1.2.3)
    roo (1.9.5)
      google-spreadsheet-ruby (>= 0.1.5)
      nokogiri (>= 1.4.6)
      spreadsheet (> 0.6.4)
    rspec (2.6.0)
      rspec-core (~> 2.6.0)
      rspec-expectations (~> 2.6.0)
      rspec-mocks (~> 2.6.0)
    rspec-core (2.6.4)
    rspec-expectations (2.6.0)
      diff-lcs (~> 1.1.2)
    rspec-mocks (2.6.0)
    rspec-rails (2.6.1)
      actionpack (~> 3.0)
      activesupport (~> 3.0)
      railties (~> 3.0)
      rspec (~> 2.6.0)
    ruby-ole (1.2.11.2)
    ruby_parser (2.3.0)
      sexp_processor (~> 3.0)
    rubyzip (0.9.4)
    rufus-scheduler (2.0.10)
      tzinfo (>= 0.3.23)
    selenium-webdriver (2.5.0)
      childprocess (>= 0.2.1)
      ffi (>= 1.0.7)
      json_pure
      rubyzip
    sexp_processor (3.0.6)
    simple_form (1.5.0)
      actionpack (~> 3.0)
      activemodel (~> 3.0)
    sinatra (1.2.6)
      rack (~> 1.1)
      tilt (< 2.0, >= 1.2.2)
    slop (2.1.0)
    spreadsheet (0.6.5.9)
      ruby-ole (>= 1.0)
    spruz (0.2.13)
    symbolize (3.3.0pre)
    systemu (2.2.0)
    term-ansicolor (1.0.6)
    thin (1.2.11)
      daemons (>= 1.0.9)
      eventmachine (>= 0.12.6)
      rack (>= 1.0.0)
    thor (0.14.6)
    tilt (1.3.3)
    timecop (0.3.5)
    treetop (1.4.10)
      polyglot
      polyglot (>= 0.3.1)
    turn (0.8.2)
      ansi (>= 1.2.2)
    tzinfo (0.3.29)
    uuid (2.3.4)
      macaddr (~> 1.0)
    vegas (0.1.8)
      rack (>= 1.0.0)
    vidibus-routing_error (0.2.1)
      rails (~> 3.0.0)
    warden (1.0.5)
      rack (>= 1.0)
    xpath (0.1.4)
      nokogiri (~> 1.3)

PLATFORMS
  ruby

DEPENDENCIES
  aasm (~> 2.2.0)
  ancestry (~> 1.2.4)
  annotate!
  cancan (~> 1.6.4)
  capybara (~> 1.0.1)
  carrierwave (~> 0.5.7)!
  client_side_validations (~> 3.0.4)
  curb (~> 0.7.15)
  database_cleaner (~> 0.6.7)
  devise (~> 1.4.4)
  easy_roles (~> 1.2.0)
  exception_notification (~> 2.5.2)!
  factory_girl_rails (~> 1.2.0)
  factory_seed (~> 0.1.1)
  ffaker (~> 1.4.0)
  foreman (~> 0.20.0)
  google-spreadsheet-ruby (~> 0.1.2)
  guard-rspec (~> 0.4.4)
  haml-rails (~> 0.3.4)
  has_scope (~> 0.5.1)
  hz2py (~> 0.0.4)
  inherited_resources (~> 1.2.2)
  jquery-rails (~> 1.0.14)
  kaminari (~> 0.12.4)
  launchy (~> 2.0.5)
  libnotify (~> 0.5.7)
  meta_search (~> 1.0.6)
  meta_where (~> 1.0.4)
  nokogiri (~> 1.4.4)
  paperclip (~> 2.3.11)
  pg (~> 0.11.0)
  pry (~> 0.9.2)
  pry-padrino (~> 0.1.2)
  rails (= 3.0.9)
  rails_config (~> 0.2.4)
  rails_kindeditor (~> 0.1.0)!
  resque (~> 1.18.6)
  resque-scheduler (~> 1.9.9)
  resque-status (~> 0.2.3)
  resque_mailer (~> 2.0.2)
  roo (~> 1.9.3)
  rspec-rails (~> 2.6.1)
  rubyzip (~> 0.9.4)
  show_for (~> 0.2.4)!
  simple_form (~> 1.5.0)
  spreadsheet (~> 0.6.5.4)
  symbolize (~> 3.3.0pre)
  thin (~> 1.2.11)
  timecop (~> 0.3.5)
  turn (~> 0.8.2)
  vidibus-routing_error (~> 0.2.1)
